GEM
  remote: https://rubygems.org/
  specs:
    activesupport (6.1.4.1)
      concurrent-ruby (~> 1.0, >= 1.0.2)
      i18n (>= 1.6, < 2)
      minitest (>= 5.1)
      tzinfo (~> 2.0)
      zeitwerk (~> 2.3)
    addressable (2.8.0)
      public_suffix (>= 2.0.2, < 5.0)
    algolia (2.1.1)
      faraday (>= 0.15, < 2.0)
      multi_json (~> 1.0)
      net-http-persistent
    arr-pm (0.0.11)
      cabin (> 0)
    asciidoctor (2.0.16)
    asciimath (2.0.3)
    asciimath2unitsml (0.4.1)
      asciimath
      htmlentities
      nokogiri (~> 1.12)
      rsec (~> 1.0.0)
    bibtex-ruby (6.0.0)
      latex-decode (~> 0.0)
    cabin (0.9.0)
    camertron-eprun (1.1.1)
    cldr-plurals-runtime-rb (1.1.0)
    cliver (0.3.2)
    cnccs (0.1.6)
    coderay (1.1.3)
    concurrent-ruby (1.1.9)
    connection_pool (2.2.5)
    css_parser (1.10.0)
      addressable
    csv (3.2.0)
    descriptive_statistics (2.5.1)
    domain_name (0.5.20190701)
      unf (>= 0.0.5, < 1.0.0)
    down (5.2.4)
      addressable (~> 2.8)
    emf2svg (1.0.0-x86_64-darwin)
      ffi (~> 1.0)
    excavate (0.2.5)
      arr-pm (~> 0.0)
      ffi-libarchive-binary (~> 0.0)
      libmspack (~> 0.1)
      ruby-ole (~> 1.0)
      rubyzip (~> 2.3)
      seven_zip_ruby (~> 1.0)
      thor (~> 1.0)
    expressir (1.0.0-x86_64-darwin)
      thor (~> 1.0)
    extract_ttc (0.1.0)
      ffi
    faraday (1.8.0)
      faraday-em_http (~> 1.0)
      faraday-em_synchrony (~> 1.0)
      faraday-excon (~> 1.1)
      faraday-httpclient (~> 1.0.1)
      faraday-net_http (~> 1.0)
      faraday-net_http_persistent (~> 1.1)
      faraday-patron (~> 1.0)
      faraday-rack (~> 1.0)
      multipart-post (>= 1.2, < 3)
      ruby2_keywords (>= 0.0.4)
    faraday-em_http (1.0.0)
    faraday-em_synchrony (1.0.0)
    faraday-excon (1.1.0)
    faraday-httpclient (1.0.1)
    faraday-net_http (1.0.1)
    faraday-net_http_persistent (1.2.0)
    faraday-patron (1.0.0)
    faraday-rack (1.0.0)
    faraday_middleware (1.1.0)
      faraday (~> 1.0)
    ffi (1.15.4)
    ffi-compiler2 (2.0.1)
      ffi (>= 1.0.0)
      rake
    ffi-libarchive (1.1.3)
      ffi (~> 1.0)
    ffi-libarchive-binary (0.2.5-x86_64-darwin)
      ffi-libarchive (~> 1.0)
    fontist (1.11.6)
      down (~> 5.0)
      excavate (~> 0.1)
      extract_ttc (~> 0.1)
      git (~> 1.0)
      socksify
      thor (~> 1.0.1)
      ttfunk (~> 1.6)
    gb-agencies (0.0.7)
    git (1.9.1)
      rchardet (~> 1.8)
    graphql (1.12.16)
    graphql-client (0.16.0)
      activesupport (>= 3.0)
      graphql (~> 1.8)
    hashie (4.1.0)
    hollaback (0.1.0)
    html2doc (1.1.4)
      asciimath (~> 2.0.2)
      htmlentities (~> 4.3.4)
      image_size
      mime-types
      nokogiri (~> 1.12)
      plane1converter (~> 0.0.1)
      thread_safe
      uuidtools
    htmlentities (4.3.4)
    http-cookie (1.0.4)
      domain_name (~> 0.5)
    i18n (1.8.10)
      concurrent-ruby (~> 1.0)
    iev (0.2.6)
      nokogiri (~> 1.12)
    image_size (2.1.2)
    iso-639 (0.3.5)
    iso639 (1.3.2)
    isodoc (1.7.6.1)
      asciimath
      emf2svg (~> 1)
      html2doc (~> 1.1.1)
      htmlentities (~> 4.3.4)
      liquid (~> 4)
      mathml2asciimath
      metanorma-utils
      nokogiri (~> 1.12.0)
      relaton-cli
      roman-numerals
      thread_safe
      twitter_cldr (>= 6.6.0)
      uuidtools
    isoics (0.1.10)
    latex-decode (0.3.2)
    latexmath (0.1.5)
      htmlentities (~> 4.3)
      ox (~> 2.13)
    libmspack (0.10.1)
      ffi
      ffi-compiler2 (>= 2.0.0)
    liquid (4.0.3)
    lutaml (0.7.4)
      lutaml-express
      lutaml-uml
      lutaml-xmi
      nokogiri (~> 1.10)
      thor (~> 1.0)
    lutaml-express (0.2.0)
      expressir (~> 1.0.0)
    lutaml-uml (0.4.1)
      hashie (~> 4.1.0)
      nokogiri (~> 1.10)
      parslet (~> 2.0.0)
      ruby-graphviz (~> 1.2)
      thor (~> 1.0)
    lutaml-xmi (0.2.2)
      hashie (~> 4.1.0)
      htmlentities
      lutaml-uml
      nokogiri (~> 1.10)
      thor (~> 1.0)
    marcel (1.0.2)
    mathml2asciimath (0.0.12)
      htmlentities (~> 4.3.4)
      nokogiri (~> 1.12)
    mechanize (2.8.2)
      addressable (~> 2.8)
      domain_name (~> 0.5, >= 0.5.20190701)
      http-cookie (~> 1.0, >= 1.0.3)
      mime-types (~> 3.0)
      net-http-digest_auth (~> 1.4, >= 1.4.1)
      net-http-persistent (>= 2.5.2, < 5.0.dev)
      nokogiri (~> 1.11, >= 1.11.2)
      rubyntlm (~> 0.6, >= 0.6.3)
      webrick (~> 1.7)
      webrobots (~> 0.1.2)
    metanorma (1.3.11)
      asciidoctor
      fontist (~> 1.11)
      htmlentities
      metanorma-utils (~> 1.2.0)
      mn2pdf (~> 1)
      nokogiri
      pry
    metanorma-bipm (1.1.10)
      metanorma-generic (~> 1.10.2)
      metanorma-iso (~> 1.9.0)
    metanorma-cc (1.7.12)
      metanorma-generic (~> 1.10.2)
    metanorma-cli (1.4.17)
      git (~> 1.5)
      isodoc (>= 1.7.0)
      metanorma (~> 1.3.0)
      metanorma-bipm (~> 1.1.5)
      metanorma-cc (~> 1.7.0)
      metanorma-csa (~> 1.8.0)
      metanorma-generic (~> 1.10.2)
      metanorma-iec (~> 1.3.0)
      metanorma-ietf (~> 2.4.0)
      metanorma-iho (~> 0.3.0)
      metanorma-iso (~> 1.9.0)
      metanorma-itu (~> 1.3.0)
      metanorma-m3aawg (~> 1.7.0)
      metanorma-ogc (~> 1.4.0)
      metanorma-standoc (~> 1.10.0)
      metanorma-un (~> 0.6.0)
      relaton-cli (>= 0.8.2)
      socksify
      thor (~> 1.0)
    metanorma-csa (1.8.12)
      metanorma-generic (~> 1.10.2)
    metanorma-generic (1.10.4)
      htmlentities (~> 4.3.4)
      isodoc (~> 1.7.0)
      metanorma-standoc (~> 1.10.0)
      ruby-jing
    metanorma-iec (1.3.12)
      metanorma-iso (~> 1.9.0)
      ruby-jing
    metanorma-ietf (2.4.3)
      isodoc (~> 1.7.0)
      mathml2asciimath
      metanorma-ietf-data
      metanorma-standoc (~> 1.10.0)
      open-uri
    metanorma-ietf-data (0.2.0)
    metanorma-iho (0.3.12)
      htmlentities (~> 4.3.4)
      metanorma-generic (~> 1.10.2)
    metanorma-iso (1.9.5)
      isodoc (~> 1.7.0)
      metanorma-standoc (~> 1.10.0)
      mnconvert (~> 1.8.0)
      ruby-jing
      tokenizer (~> 0.3.0)
      twitter_cldr
    metanorma-itu (1.3.12)
      htmlentities (~> 4.3.4)
      isodoc (~> 1.7.0)
      metanorma-standoc (~> 1.10.0)
      ruby-jing
      twitter_cldr
      tzinfo-data
    metanorma-m3aawg (1.7.12)
      htmlentities (~> 4.3.4)
      metanorma-generic (~> 1.10.2)
      thread_safe
    metanorma-ogc (1.4.3.1)
      iso-639
      isodoc (~> 1.7.0)
      metanorma-standoc (~> 1.10.0)
    metanorma-plugin-datastruct (0.1.4)
      asciidoctor (~> 2.0.0)
      isodoc
      liquid (~> 4)
      metanorma
      relaton-cli
    metanorma-plugin-lutaml (0.4.12)
      liquid
      lutaml
      metanorma
      relaton-cli
      reverse_adoc
    metanorma-standoc (1.10.7)
      asciidoctor (~> 2.0.0)
      asciimath2unitsml (~> 0.4.0)
      concurrent-ruby
      iev (~> 0.2.1)
      isodoc (~> 1.7.0)
      latexmath
      mathml2asciimath
      metanorma-plugin-datastruct
      metanorma-plugin-lutaml
      metanorma-utils (~> 1.2.0)
      relaton-cli (~> 1.9.0)
      relaton-iev (~> 1.1.0)
      ruby-jing
      unicode2latex (~> 0.0.1)
    metanorma-un (0.6.12)
      iso-639
      isodoc (~> 1.7.0)
      metanorma-standoc (~> 1.10.0)
      roman-numerals
      twitter_cldr
    metanorma-utils (1.2.6)
      asciidoctor (~> 2.0.0)
      concurrent-ruby
      htmlentities (~> 4.3.4)
      marcel (~> 1.0.0)
      mime-types
      nokogiri (~> 1.11)
      sterile (~> 1.0.14)
      uuidtools
    method_source (1.0.0)
    mime-types (3.3.1)
      mime-types-data (~> 3.2015)
    mime-types-data (3.2021.0901)
    minitest (5.14.4)
    mn2pdf (1.36)
    mnconvert (1.8.0)
    multi_json (1.15.0)
    multipart-post (2.1.1)
    net-http-digest_auth (1.4.1)
    net-http-persistent (4.0.1)
      connection_pool (~> 2.2)
    nokogiri (1.12.5-x86_64-darwin)
      racc (~> 1.4)
    nokogiri-styles (0.1.2)
      nokogiri
    open-uri (0.1.0)
    optout (0.0.2)
    ox (2.14.5)
    parslet (2.0.0)
    plane1converter (0.0.1)
    premailer (1.11.1)
      addressable
      css_parser (>= 1.6.0)
      htmlentities (>= 4.0.0)
    pry (0.14.1)
      coderay (~> 1.1)
      method_source (~> 1.0)
    public_suffix (4.0.6)
    racc (1.5.2)
    rake (13.0.6)
    rchardet (1.8.0)
    relaton (1.9.1)
      relaton-bipm (~> 1.9.0)
      relaton-bsi (~> 1.9.0)
      relaton-calconnect (~> 1.9.0)
      relaton-cen (~> 1.9.0)
      relaton-cie (~> 1.9.0)
      relaton-ecma (~> 1.9.0)
      relaton-gb (~> 1.9.0)
      relaton-iec (~> 1.9.0)
      relaton-ieee (~> 1.9.0)
      relaton-ietf (~> 1.9.0)
      relaton-iho (~> 1.9.0)
      relaton-iso (~> 1.9.0)
      relaton-itu (~> 1.9.0)
      relaton-nist (>= 1.9.2)
      relaton-ogc (~> 1.9.0)
      relaton-omg (~> 1.9.0)
      relaton-un (~> 1.9.0)
      relaton-w3c (~> 1.9.0)
    relaton-bib (1.9.3)
      addressable
      bibtex-ruby
      iso639
      nokogiri
    relaton-bipm (1.9.1)
      mechanize (~> 2.8.0)
      relaton-bib (~> 1.9.0)
      serrano (~> 1.0)
    relaton-bsi (1.9.0)
      algolia (~> 2.1.1)
      graphql-client (~> 0.16.0)
      relaton-iso-bib (~> 1.9.0)
    relaton-calconnect (1.9.2)
      faraday
      relaton-bib (~> 1.9.0)
    relaton-cen (1.9.1)
      mechanize
      relaton-iso-bib (~> 1.9.0)
    relaton-cie (1.9.1)
      mechanize (~> 2.8.0)
      relaton-bib (~> 1.9.0)
    relaton-cli (1.9.2)
      liquid (~> 4)
      relaton (>= 1.9.1)
      thor
      thor-hollaback
    relaton-ecma (1.9.0)
      relaton-bib (~> 1.9.0)
    relaton-gb (1.9.0)
      cnccs (~> 0.1.1)
      gb-agencies (~> 0.0.1)
      relaton-iso-bib (>= 1.9.0)
    relaton-iec (1.9.0)
      addressable
      relaton-iso-bib (~> 1.9.0)
    relaton-ieee (1.9.1)
      faraday (~> 1.1)
      relaton-bib (~> 1.9.0)
      rubyzip (~> 2.3.0)
    relaton-ietf (1.9.0)
      relaton-bib (~> 1.9.0)
    relaton-iev (1.1.3)
      nokogiri (~> 1.12.0)
      relaton (>= 1.6)
    relaton-iho (1.9.0)
      relaton-bib (~> 1.9.0)
    relaton-iso (1.9.0)
      algolia
      relaton-iso-bib (~> 1.9.0)
    relaton-iso-bib (1.9.0)
      isoics (~> 0.1.6)
      relaton-bib (~> 1.9.0)
    relaton-itu (1.9.0)
      mechanize (~> 2.8.0)
      relaton-bib (~> 1.9.0)
    relaton-nist (1.9.2)
      relaton-bib (~> 1.9.0)
      rubyzip
    relaton-ogc (1.9.3)
      faraday (~> 1.1)
      relaton-iso-bib (~> 1.9.0)
    relaton-omg (1.9.0)
      relaton-bib (~> 1.9.0)
    relaton-un (1.9.0)
      faraday
      http-cookie
      relaton-bib (~> 1.9.0)
      unf_ext (>= 0.0.7.7)
    relaton-w3c (1.9.0)
      relaton-bib (>= 1.9.0)
    reverse_adoc (0.3.3)
      marcel (~> 1.0.0)
      mathml2asciimath
      nokogiri (~> 1.11)
      premailer (~> 1.11.0)
      word-to-markdown
    reverse_markdown (1.4.0)
      nokogiri
    rexml (3.2.5)
    roman-numerals (0.3.0)
    rsec (1.0.0)
    ruby-graphviz (1.2.5)
      rexml
    ruby-jing (0.0.1)
      optout (>= 0.0.2)
    ruby-ole (1.2.12.2)
    ruby2_keywords (0.0.5)
    rubyntlm (0.6.3)
    rubyzip (2.3.2)
    serrano (1.0.0)
      faraday (~> 1.1)
      faraday_middleware (~> 1.0)
      multi_json (~> 1.15)
      thor (~> 1.0, >= 1.0.1)
    seven_zip_ruby (1.3.0)
    socksify (1.7.1)
    sterile (1.0.23)
      nokogiri (>= 1.11.7)
    structured_csv (0.2.1)
      csv (~> 3.1)
      yaml (~> 0.1)
    sys-proctable (1.2.6)
      ffi
    thor (1.0.1)
    thor-hollaback (0.2.0)
      hollaback (~> 0.1.0)
      thor (>= 0.19.1)
    thread_safe (0.3.6)
    tokenizer (0.3.0)
    ttfunk (1.7.0)
    twitter_cldr (6.7.0)
      camertron-eprun
      cldr-plurals-runtime-rb (~> 1.1)
      tzinfo
    tzinfo (2.0.4)
      concurrent-ruby (~> 1.0)
    tzinfo-data (1.2021.3)
      tzinfo (>= 1.0.0)
    unf (0.1.4)
      unf_ext
    unf_ext (0.0.8)
    unicode2latex (0.0.5)
    uuidtools (2.2.0)
    webrick (1.7.0)
    webrobots (0.1.2)
    word-to-markdown (1.1.8)
      cliver (~> 0.3)
      descriptive_statistics (~> 2.5)
      nokogiri-styles (~> 0.1)
      premailer (~> 1.8)
      reverse_markdown (~> 1.0)
      sys-proctable (~> 1.0)
    yaml (0.1.1)
    zeitwerk (2.4.2)

PLATFORMS
  x86_64-darwin-20

DEPENDENCIES
  metanorma-cli
  structured_csv

BUNDLED WITH
   2.2.19
